PATH
  remote: .
  specs:
    backup_demon (0.0.6)
      thor (~> 0.18)

GEM
  remote: https://rubygems.org/
  specs:
    thor (0.18.1)

PLATFORMS
  ruby

DEPENDENCIES
  backup_demon!
